GEM
  remote: https://rubygems.org/
  specs:
    arr-pm (0.0.12)
    aws-eventstream (1.2.0)
    aws-sdk (2.11.632)
      aws-sdk-resources (= 2.11.632)
    aws-sdk-core (2.11.632)
      aws-sigv4 (~> 1.0)
      jmespath (~> 1.0)
    aws-sdk-resources (2.11.632)
      aws-sdk-core (= 2.11.632)
    aws-sigv4 (1.5.1)
      aws-eventstream (~> 1, >= 1.0.2)
    backports (3.25.0)
    cabin (0.9.0)
    clamp (1.0.1)
    deb-s3 (0.10.0)
      aws-sdk (~> 2)
      thor (~> 0.19.0)
    dotenv (2.8.1)
    fpm (1.15.1)
      arr-pm (~> 0.0.11)
      backports (>= 2.6.2)
      cabin (>= 0.6.0)
      clamp (~> 1.0.0)
      pleaserun (~> 0.0.29)
      rexml
      stud
    insist (1.0.0)
    jmespath (1.6.1)
    mustache (0.99.8)
    pleaserun (0.0.32)
      cabin (> 0)
      clamp
      dotenv
      insist
      mustache (= 0.99.8)
      stud
    rexml (3.2.8)
      strscan (>= 3.0.9)
    strscan (3.1.0)
    stud (0.0.23)
    thor (0.19.4)

PLATFORMS
  ruby

DEPENDENCIES
  deb-s3
  fpm (>= 1.15.0)

BUNDLED WITH
   2.3.14
